{
  "aor": 0.000511840490797546,
  "aqi": 0.01967300552147239,
  "bids_meta": {
    "AcquisitionMatrixPE": 96,
    "AcquisitionNumber": 1136,
    "AcquisitionTime": "10:30:17.942500",
    "BandwidthPerPixelPhaseEncode": 17.361,
    "BaseResolution": 104,
    "BodyPartExamined": "BRAIN",
    "CoilCombinationMethod": "Sum of Squares",
    "ConsistencyInfo": "N4_VE11C_LATEST_20160120",
    "ConversionSoftware": "dcm2niix",
    "ConversionSoftwareVersion": "v1.0.20211006",
    "DerivedVendorReportedEchoSpacing": 0.000600004,
    "DeviceSerialNumber": "166009",
    "DwellTime": 2.1e-06,
    "EchoTime": 0.022,
    "EchoTrainLength": 72,
    "EffectiveEchoSpacing": 0.000600004,
    "FlipAngle": 47,
    "ImageComments": "Unaliased MB8/PE3",
    "ImageOrientationPatientDICOM": [
      0.998335,
      -0.0287687,
      0.0499966,
      0.0481281,
      0.893207,
      -0.447063
    ],
    "ImageOrientationText": "Tra>Cor(-26.7)>Sag(1.8)",
    "ImageType": [
      "ORIGINAL",
      "PRIMARY",
      "M",
      "MB",
      "ND",
      "NORM",
      "MOSAIC"
    ],
    "ImagingFrequency": 123.252,
    "InPlanePhaseEncodingDirectionDICOM": "COL",
    "InstitutionAddress": "East Erie 355,Chicago,IL,US,60611",
    "InstitutionName": "Research",
    "InstitutionalDepartmentName": "Department",
    "MRAcquisitionType": "2D",
    "MagneticFieldStrength": 3,
    "Manufacturer": "Siemens",
    "ManufacturersModelName": "Prisma",
    "MatrixCoilMode": "SENSE",
    "Modality": "MR",
    "MultibandAccelerationFactor": 8,
    "PartialFourier": 0.75,
    "PatientPosition": "HFS",
    "PercentPhaseFOV": 92.3077,
    "PercentSampling": 100,
    "PhaseEncodingDirection": "j",
    "PhaseEncodingSteps": 72,
    "PhaseResolution": 1,
    "PixelBandwidth": 2290,
    "ProcedureStepDescription": "MRI Brain W/O Contrast-70557",
    "ProtocolName": "Mb8_rest_HCP_22_56_555ms_2mmiso",
    "PulseSequenceDetails": "%CustomerSeq%\\cmrr_mbep2d_bold",
    "ReceiveCoilActiveElements": "HC1-7",
    "ReceiveCoilName": "HeadNeck_64",
    "ReconMatrixPE": 96,
    "RepetitionTime": 0.555,
    "SAR": 0.0732926,
    "ScanOptions": "PFP\\FS\\EXT",
    "ScanningSequence": "EP",
    "SequenceName": "epfid2d1_96",
    "SequenceVariant": "SK\\SS",
    "SeriesDescription": "Mb8_rest_HCP_22_56_555ms_2mmiso",
    "SeriesNumber": 7,
    "ShimSetting": [
      5158,
      -11572,
      -2434,
      581,
      -3,
      -15,
      81,
      -21
    ],
    "SliceThickness": 2,
    "SliceTiming": [
      0,
      0.0675,
      0.1325,
      0.2,
      0.2675,
      0.335,
      0.4,
      0.4675,
      0,
      0.0675,
      0.1325,
      0.2,
      0.2675,
      0.335,
      0.4,
      0.4675,
      0,
      0.0675,
      0.1325,
      0.2,
      0.2675,
      0.335,
      0.4,
      0.4675,
      0,
      0.0675,
      0.1325,
      0.2,
      0.2675,
      0.335,
      0.4,
      0.4675,
      0,
      0.0675,
      0.1325,
      0.2,
      0.2675,
      0.335,
      0.4,
      0.4675,
      0,
      0.0675,
      0.1325,
      0.2,
      0.2675,
      0.335,
      0.4,
      0.4675,
      0,
      0.0675,
      0.1325,
      0.2,
      0.2675,
      0.335,
      0.4,
      0.4675,
      0,
      0.0675,
      0.1325,
      0.2,
      0.2675,
      0.335,
      0.4,
      0.4675
    ],
    "SoftwareVersions": "syngo MR E11",
    "SpacingBetweenSlices": 2,
    "StationName": "AWP166009",
    "TaskName": "Rest",
    "TotalReadoutTime": 0.0570004,
    "TxRefAmp": 215.781,
    "WipMemBlock": "0d7324ad-5a7e-4035-b8b7-663f0b675f1e||Sequence: R016 ve11c/master r/8780670; Nov 27 2017 15:05:12 by eja",
    "dataset": "ds004024",
    "modality": "bold",
    "session_id": "mri",
    "subject_id": "CON008",
    "task_id": "rest"
  },
  "dummy_trs": 0,
  "dvars_nstd": 52.0278814104321,
  "dvars_std": 1.179634570185185,
  "dvars_vstd": 1.0093239725925924,
  "efc": 0.5417945849922822,
  "fber": 3412.371826171875,
  "fd_mean": 0.0683030984464011,
  "fd_num": 0,
  "fd_perc": 0.0,
  "fwhm_avg": 2.137190042640768,
  "fwhm_x": 2.087125,
  "fwhm_y": 2.178265,
  "fwhm_z": 2.1461801279223045,
  "gcor": 0.00281626,
  "gsr_x": -0.02819470316171646,
  "gsr_y": 0.03361145034432411,
  "provenance": {
    "md5sum": "22e1f0c1348b19f9ec9c2b2f95387511",
    "settings": {
      "fd_thres": 0.2,
      "testing": false
    },
    "software": "mriqc",
    "version": "23.0.1",
    "webapi_port": null,
    "webapi_url": "https://mriqc.nimh.nih.gov/api/v1"
  },
  "size_t": 163,
  "size_x": 104,
  "size_y": 96,
  "size_z": 64,
  "snr": 6.219629539713572,
  "spacing_tr": 0.5550000071525574,
  "spacing_x": 2.0,
  "spacing_y": 2.0,
  "spacing_z": 1.9999998807907104,
  "summary_bg_k": 27.737569166386134,
  "summary_bg_mad": 128.5874131611086,
  "summary_bg_mean": 558.7796020507812,
  "summary_bg_median": 169.85104370117188,
  "summary_bg_n": 407948.0,
  "summary_bg_p05": 64.81159553527833,
  "summary_bg_p95": 2554.946936035155,
  "summary_bg_stdv": 1069.6026611328125,
  "summary_fg_k": 1.1072912411004214,
  "summary_fg_mad": 1544.5175114460944,
  "summary_fg_mean": 10194.3974609375,
  "summary_fg_median": 10059.61328125,
  "summary_fg_n": 142972.0,
  "summary_fg_p05": 7947.01376953125,
  "summary_fg_p95": 13050.099902343747,
  "summary_fg_stdv": 1617.391845703125,
  "tsnr": 36.337589263916016
}