{
  "aor": 0.00013125290023201854,
  "aqi": 0.04109552142304718,
  "bids_meta": {
    "AcquisitionMatrixPE": 96,
    "AcquisitionNumber": 1,
    "AcquisitionTime": "11:27:13.582500",
    "BandwidthPerPixelPhaseEncode": 17.361,
    "BaseResolution": 104,
    "BodyPartExamined": "BRAIN",
    "CoilCombinationMethod": "Sum of Squares",
    "ConsistencyInfo": "N4_VE11C_LATEST_20160120",
    "ConversionSoftware": "dcm2niix",
    "ConversionSoftwareVersion": "v1.0.20211006",
    "DerivedVendorReportedEchoSpacing": 0.000600004,
    "DeviceSerialNumber": "166009",
    "DwellTime": 2.1e-06,
    "EchoTime": 0.022,
    "EchoTrainLength": 72,
    "EffectiveEchoSpacing": 0.000600004,
    "FlipAngle": 47,
    "ImageComments": "Unaliased MB8/PE3",
    "ImageOrientationPatientDICOM": [
      0.990508,
      0.0250108,
      -0.13516,
      -0.0624911,
      0.957749,
      -0.280734
    ],
    "ImageOrientationText": "Tra>Cor(-16.8)>Sag(-7.0)",
    "ImageType": [
      "ORIGINAL",
      "PRIMARY",
      "M",
      "MB",
      "ND",
      "NORM",
      "MOSAIC"
    ],
    "ImagingFrequency": 123.252,
    "InPlanePhaseEncodingDirectionDICOM": "COL",
    "InstitutionAddress": "East Erie 355,Chicago,IL,US,60611",
    "InstitutionName": "Research",
    "InstitutionalDepartmentName": "Department",
    "MRAcquisitionType": "2D",
    "MagneticFieldStrength": 3,
    "Manufacturer": "Siemens",
    "ManufacturersModelName": "Prisma",
    "MatrixCoilMode": "SENSE",
    "Modality": "MR",
    "MultibandAccelerationFactor": 8,
    "PartialFourier": 0.75,
    "PatientPosition": "HFS",
    "PercentPhaseFOV": 92.3077,
    "PercentSampling": 100,
    "PhaseEncodingDirection": "j",
    "PhaseEncodingSteps": 72,
    "PhaseResolution": 1,
    "PixelBandwidth": 2290,
    "ProcedureStepDescription": "Research MRI",
    "ProtocolName": "Mb8_rest_HCP_22_56_555ms_2mmiso",
    "PulseSequenceDetails": "%CustomerSeq%\\cmrr_mbep2d_bold",
    "ReceiveCoilActiveElements": "HC1-7;NC1",
    "ReceiveCoilName": "HeadNeck_64",
    "ReconMatrixPE": 96,
    "RepetitionTime": 0.555,
    "SAR": 0.0800327,
    "ScanOptions": "PFP\\FS\\EXT",
    "ScanningSequence": "EP",
    "SequenceName": "epfid2d1_96",
    "SequenceVariant": "SK\\SS",
    "SeriesDescription": "Mb8_rest_HCP_22_56_555ms_2mmiso",
    "SeriesNumber": 7,
    "ShimSetting": [
      5137,
      -11623,
      -2449,
      547,
      -27,
      -151,
      -101,
      -27
    ],
    "SliceThickness": 2,
    "SliceTiming": [
      0,
      0.065,
      0.1325,
      0.2,
      0.2675,
      0.3325,
      0.4,
      0.4675,
      0,
      0.065,
      0.1325,
      0.2,
      0.2675,
      0.3325,
      0.4,
      0.4675,
      0,
      0.065,
      0.1325,
      0.2,
      0.2675,
      0.3325,
      0.4,
      0.4675,
      0,
      0.065,
      0.1325,
      0.2,
      0.2675,
      0.3325,
      0.4,
      0.4675,
      0,
      0.065,
      0.1325,
      0.2,
      0.2675,
      0.3325,
      0.4,
      0.4675,
      0,
      0.065,
      0.1325,
      0.2,
      0.2675,
      0.3325,
      0.4,
      0.4675,
      0,
      0.065,
      0.1325,
      0.2,
      0.2675,
      0.3325,
      0.4,
      0.4675,
      0,
      0.065,
      0.1325,
      0.2,
      0.2675,
      0.3325,
      0.4,
      0.4675
    ],
    "SoftwareVersions": "syngo MR E11",
    "SpacingBetweenSlices": 2,
    "StationName": "AWP166009",
    "TaskName": "Rest",
    "TotalReadoutTime": 0.0570004,
    "TxRefAmp": 233.749,
    "WipMemBlock": "2f294b97-fdf5-4079-9173-68abb330f01e||Sequence: R016 ve11c/master r/8780670; Nov 27 2017 15:05:12 by eja",
    "dataset": "ds004024",
    "modality": "bold",
    "session_id": "mri",
    "subject_id": "CON015",
    "task_id": "rest"
  },
  "dummy_trs": 5,
  "dvars_nstd": 57.03574995508509,
  "dvars_std": 1.1011988852631591,
  "dvars_vstd": 0.9887410420897832,
  "efc": 0.5384509981855765,
  "fber": 1855.3857421875,
  "fd_mean": 0.11037870925158504,
  "fd_num": 60,
  "fd_perc": 4.640371229698376,
  "fwhm_avg": 2.04518008081536,
  "fwhm_x": 2.014710120086081,
  "fwhm_y": 2.06797,
  "fwhm_z": 2.0528601223599985,
  "gcor": 0.00763792,
  "gsr_x": -0.002831487450748682,
  "gsr_y": 0.04210663214325905,
  "provenance": {
    "md5sum": "b03f76f68421653f01c4ec4c28ca838f",
    "settings": {
      "fd_thres": 0.2,
      "testing": false
    },
    "software": "mriqc",
    "version": "23.0.1",
    "webapi_port": null,
    "webapi_url": "https://mriqc.nimh.nih.gov/api/v1"
  },
  "size_t": 1293,
  "size_x": 104,
  "size_y": 96,
  "size_z": 64,
  "snr": 6.972999914094944,
  "spacing_tr": 0.5550000071525574,
  "spacing_x": 1.9999998807907104,
  "spacing_y": 2.0,
  "spacing_z": 1.9999998807907104,
  "summary_bg_k": 38.996319962371096,
  "summary_bg_mad": 159.73941137175984,
  "summary_bg_mean": 507.4767150878906,
  "summary_bg_median": 201.2751922607422,
  "summary_bg_n": 415444.0,
  "summary_bg_p05": 70.32728576660156,
  "summary_bg_p95": 1799.3154724121084,
  "summary_bg_stdv": 966.5939331054688,
  "summary_fg_k": 2.331557239343894,
  "summary_fg_mad": 1125.929243779058,
  "summary_fg_mean": 8738.9287109375,
  "summary_fg_median": 8644.2177734375,
  "summary_fg_n": 135659.0,
  "summary_fg_p05": 7020.109228515625,
  "summary_fg_p95": 10854.763964843749,
  "summary_fg_stdv": 1239.665283203125,
  "tsnr": 25.02676010131836
}