{
  "aor": 0.00022055555555555554,
  "aqi": 0.035264085339506174,
  "bids_meta": {
    "AcquisitionMatrixPE": 96,
    "AcquisitionNumber": 1,
    "AcquisitionTime": "08:23:28.712500",
    "BandwidthPerPixelPhaseEncode": 17.361,
    "BaseResolution": 104,
    "BodyPartExamined": "BRAIN",
    "CoilCombinationMethod": "Sum of Squares",
    "ConsistencyInfo": "N4_VE11C_LATEST_20160120",
    "ConversionSoftware": "dcm2niix",
    "ConversionSoftwareVersion": "v1.0.20211006",
    "DerivedVendorReportedEchoSpacing": 0.000600004,
    "DeviceSerialNumber": "166009",
    "DwellTime": 2.1e-06,
    "EchoTime": 0.022,
    "EchoTrainLength": 72,
    "EffectiveEchoSpacing": 0.000600004,
    "FlipAngle": 47,
    "ImageComments": "Unaliased MB8/PE3",
    "ImageOrientationPatientDICOM": [
      0.99569,
      0.0885963,
      -0.0274102,
      -0.092718,
      0.957355,
      -0.273631
    ],
    "ImageOrientationText": "Tra>Cor(-16.0)>Sag(-0.1)",
    "ImageType": [
      "ORIGINAL",
      "PRIMARY",
      "M",
      "MB",
      "ND",
      "NORM",
      "MOSAIC"
    ],
    "ImagingFrequency": 123.252,
    "InPlanePhaseEncodingDirectionDICOM": "COL",
    "InstitutionAddress": "East Erie 355,Chicago,IL,US,60611",
    "InstitutionName": "Research",
    "InstitutionalDepartmentName": "Department",
    "MRAcquisitionType": "2D",
    "MagneticFieldStrength": 3,
    "Manufacturer": "Siemens",
    "ManufacturersModelName": "Prisma",
    "MatrixCoilMode": "SENSE",
    "Modality": "MR",
    "MultibandAccelerationFactor": 8,
    "PartialFourier": 0.75,
    "PatientPosition": "HFS",
    "PercentPhaseFOV": 92.3077,
    "PercentSampling": 100,
    "PhaseEncodingDirection": "j",
    "PhaseEncodingSteps": 72,
    "PhaseResolution": 1,
    "PixelBandwidth": 2290,
    "ProcedureStepDescription": "Research MRI",
    "ProtocolName": "Mb8_rest_HCP_22_56_555ms_2mmiso",
    "PulseSequenceDetails": "%CustomerSeq%\\cmrr_mbep2d_bold",
    "ReceiveCoilActiveElements": "HC1-7",
    "ReceiveCoilName": "HeadNeck_64",
    "ReconMatrixPE": 96,
    "RepetitionTime": 0.555,
    "SAR": 0.0837495,
    "ScanOptions": "PFP\\FS\\EXT",
    "ScanningSequence": "EP",
    "SequenceName": "epfid2d1_96",
    "SequenceVariant": "SK\\SS",
    "SeriesDescription": "Mb8_rest_HCP_22_56_555ms_2mmiso",
    "SeriesNumber": 7,
    "ShimSetting": [
      5139,
      -11579,
      -2385,
      184,
      -28,
      -269,
      -9,
      28
    ],
    "SliceThickness": 2,
    "SliceTiming": [
      0,
      0.0675,
      0.135,
      0.2,
      0.2675,
      0.335,
      0.4025,
      0.4675,
      0,
      0.0675,
      0.135,
      0.2,
      0.2675,
      0.335,
      0.4025,
      0.4675,
      0,
      0.0675,
      0.135,
      0.2,
      0.2675,
      0.335,
      0.4025,
      0.4675,
      0,
      0.0675,
      0.135,
      0.2,
      0.2675,
      0.335,
      0.4025,
      0.4675,
      0,
      0.0675,
      0.135,
      0.2,
      0.2675,
      0.335,
      0.4025,
      0.4675,
      0,
      0.0675,
      0.135,
      0.2,
      0.2675,
      0.335,
      0.4025,
      0.4675,
      0,
      0.0675,
      0.135,
      0.2,
      0.2675,
      0.335,
      0.4025,
      0.4675,
      0,
      0.0675,
      0.135,
      0.2,
      0.2675,
      0.335,
      0.4025,
      0.4675
    ],
    "SoftwareVersions": "syngo MR E11",
    "SpacingBetweenSlices": 2,
    "StationName": "AWP166009",
    "TaskName": "Rest",
    "TotalReadoutTime": 0.0570004,
    "TxRefAmp": 251.183,
    "WipMemBlock": "94046c07-2f3f-4a75-bbf3-b79ceb6f722a||Sequence: R016 ve11c/master r/8780670; Nov 27 2017 15:05:12 by eja",
    "dataset": "ds004024",
    "modality": "bold",
    "session_id": "mri",
    "subject_id": "CON021",
    "task_id": "rest"
  },
  "dummy_trs": 2,
  "dvars_nstd": 56.74089895430119,
  "dvars_std": 1.1220944233667942,
  "dvars_vstd": 0.9959415039999998,
  "efc": 0.5890879390065199,
  "fber": 1447.2635498046875,
  "fd_mean": 0.1236336849961982,
  "fd_num": 179,
  "fd_perc": 13.811728395061728,
  "fwhm_avg": 2.101766666666667,
  "fwhm_x": 2.02547,
  "fwhm_y": 2.19737,
  "fwhm_z": 2.08246,
  "gcor": 0.0174572,
  "gsr_x": -0.008479826152324677,
  "gsr_y": 0.053312093019485474,
  "provenance": {
    "md5sum": "3b7f1d4d6dd68a6be91a725c2811159e",
    "settings": {
      "fd_thres": 0.2,
      "testing": false
    },
    "software": "mriqc",
    "version": "23.0.1",
    "webapi_port": null,
    "webapi_url": "https://mriqc.nimh.nih.gov/api/v1"
  },
  "size_t": 1296,
  "size_x": 104,
  "size_y": 96,
  "size_z": 64,
  "snr": 6.483699646866784,
  "spacing_tr": 0.5550000071525574,
  "spacing_x": 2.0,
  "spacing_y": 2.0,
  "spacing_z": 2.0,
  "summary_bg_k": 18.807589151508363,
  "summary_bg_mad": 208.2398191905466,
  "summary_bg_mean": 654.491943359375,
  "summary_bg_median": 214.86544799804688,
  "summary_bg_n": 390932.0,
  "summary_bg_p05": 60.00436782836914,
  "summary_bg_p95": 2691.1348022460948,
  "summary_bg_stdv": 1041.4671630859375,
  "summary_fg_k": 1.4533682106626014,
  "summary_fg_mad": 1230.359313618182,
  "summary_fg_mean": 8357.35546875,
  "summary_fg_median": 8283.0283203125,
  "summary_fg_n": 159041.0,
  "summary_fg_p05": 6545.4521484375,
  "summary_fg_p95": 10485.37109375,
  "summary_fg_stdv": 1277.51171875,
  "tsnr": 25.88368797302246
}