{
  "aor": 0.0001561020881670534,
  "aqi": 0.032743659087393656,
  "bids_meta": {
    "AcquisitionMatrixPE": 96,
    "AcquisitionNumber": 1,
    "AcquisitionTime": "10:48:0.965000",
    "BandwidthPerPixelPhaseEncode": 17.361,
    "BaseResolution": 104,
    "BodyPartExamined": "BRAIN",
    "CoilCombinationMethod": "Sum of Squares",
    "ConsistencyInfo": "N4_VE11C_LATEST_20160120",
    "ConversionSoftware": "dcm2niix",
    "ConversionSoftwareVersion": "v1.0.20211006",
    "DerivedVendorReportedEchoSpacing": 0.000600004,
    "DeviceSerialNumber": "166009",
    "DwellTime": 2.1e-06,
    "EchoTime": 0.022,
    "EchoTrainLength": 72,
    "EffectiveEchoSpacing": 0.000600004,
    "FlipAngle": 47,
    "ImageComments": "Unaliased MB8/PE3",
    "ImageOrientationPatientDICOM": [
      0.999328,
      -0.0257704,
      0.0260607,
      0.0272156,
      0.99802,
      -0.0567105
    ],
    "ImageOrientationText": "Tra>Cor(-3.3)>Sag(1.4)",
    "ImageType": [
      "ORIGINAL",
      "PRIMARY",
      "M",
      "MB",
      "ND",
      "NORM",
      "MOSAIC"
    ],
    "ImagingFrequency": 123.252,
    "InPlanePhaseEncodingDirectionDICOM": "COL",
    "InstitutionAddress": "East Erie 355,Chicago,IL,US,60611",
    "InstitutionName": "Research",
    "InstitutionalDepartmentName": "Department",
    "MRAcquisitionType": "2D",
    "MagneticFieldStrength": 3,
    "Manufacturer": "Siemens",
    "ManufacturersModelName": "Prisma",
    "MatrixCoilMode": "SENSE",
    "Modality": "MR",
    "MultibandAccelerationFactor": 8,
    "PartialFourier": 0.75,
    "PatientPosition": "HFS",
    "PercentPhaseFOV": 92.3077,
    "PercentSampling": 100,
    "PhaseEncodingDirection": "j",
    "PhaseEncodingSteps": 72,
    "PhaseResolution": 1,
    "PixelBandwidth": 2290,
    "ProcedureStepDescription": "Research MRI",
    "ProtocolName": "Mb8_rest_HCP_22_56_555ms_2mmiso",
    "PulseSequenceDetails": "%CustomerSeq%\\cmrr_mbep2d_bold",
    "ReceiveCoilActiveElements": "HC1-7;NC1,2",
    "ReceiveCoilName": "HeadNeck_64",
    "ReconMatrixPE": 96,
    "RepetitionTime": 0.555,
    "SAR": 0.068472,
    "ScanOptions": "PFP\\FS\\EXT",
    "ScanningSequence": "EP",
    "SequenceName": "epfid2d1_96",
    "SequenceVariant": "SK\\SS",
    "SeriesDescription": "Mb8_rest_HCP_22_56_555ms_2mmiso",
    "SeriesNumber": 7,
    "ShimSetting": [
      5157,
      -11619,
      -2409,
      435,
      -55,
      -161,
      13,
      -78
    ],
    "SliceThickness": 2,
    "SliceTiming": [
      0,
      0.0675,
      0.1325,
      0.2,
      0.2675,
      0.335,
      0.4,
      0.4675,
      0,
      0.0675,
      0.1325,
      0.2,
      0.2675,
      0.335,
      0.4,
      0.4675,
      0,
      0.0675,
      0.1325,
      0.2,
      0.2675,
      0.335,
      0.4,
      0.4675,
      0,
      0.0675,
      0.1325,
      0.2,
      0.2675,
      0.335,
      0.4,
      0.4675,
      0,
      0.0675,
      0.1325,
      0.2,
      0.2675,
      0.335,
      0.4,
      0.4675,
      0,
      0.0675,
      0.1325,
      0.2,
      0.2675,
      0.335,
      0.4,
      0.4675,
      0,
      0.0675,
      0.1325,
      0.2,
      0.2675,
      0.335,
      0.4,
      0.4675,
      0,
      0.0675,
      0.1325,
      0.2,
      0.2675,
      0.335,
      0.4,
      0.4675
    ],
    "SoftwareVersions": "syngo MR E11",
    "SpacingBetweenSlices": 2,
    "StationName": "AWP166009",
    "TaskName": "Rest",
    "TotalReadoutTime": 0.0570004,
    "TxRefAmp": 238.411,
    "WipMemBlock": "1deeb3d2-1f82-4a77-9e13-340e93baeebb||Sequence: R016 ve11c/master r/8780670; Nov 27 2017 15:05:12 by eja",
    "dataset": "ds004024",
    "modality": "bold",
    "session_id": "mri",
    "subject_id": "CON026",
    "task_id": "rest"
  },
  "dummy_trs": 5,
  "dvars_nstd": 56.3105252091022,
  "dvars_std": 1.1048909924380808,
  "dvars_vstd": 1.0036101788622294,
  "efc": 0.5478515717058114,
  "fber": 1838.6900634765625,
  "fd_mean": 0.14084994038507112,
  "fd_num": 309,
  "fd_perc": 23.897911832946637,
  "fwhm_avg": 2.09233,
  "fwhm_x": 2.052195,
  "fwhm_y": 2.225505,
  "fwhm_z": 1.99929,
  "gcor": 0.00495087,
  "gsr_x": -0.015317653305828571,
  "gsr_y": 0.05121384188532829,
  "provenance": {
    "md5sum": "4cb937e4cca7ddaf4675f4c2ab8b6167",
    "settings": {
      "fd_thres": 0.2,
      "testing": false
    },
    "software": "mriqc",
    "version": "23.0.1",
    "webapi_port": null,
    "webapi_url": "https://mriqc.nimh.nih.gov/api/v1"
  },
  "size_t": 1293,
  "size_x": 104,
  "size_y": 96,
  "size_z": 64,
  "snr": 6.601016671709614,
  "spacing_tr": 0.5550000071525574,
  "spacing_x": 2.0,
  "spacing_y": 2.0,
  "spacing_z": 2.0,
  "summary_bg_k": 54.262972506305225,
  "summary_bg_mad": 141.71716724473617,
  "summary_bg_mean": 447.2703552246094,
  "summary_bg_median": 185.79762268066406,
  "summary_bg_n": 408415.0,
  "summary_bg_p05": 78.10299072265624,
  "summary_bg_p95": 1604.967053222656,
  "summary_bg_stdv": 721.1494750976562,
  "summary_fg_k": 1.6444409884710467,
  "summary_fg_mad": 1134.1943167911081,
  "summary_fg_mean": 8108.13818359375,
  "summary_fg_median": 8034.54736328125,
  "summary_fg_n": 143987.0,
  "summary_fg_p05": 6369.229833984375,
  "summary_fg_p95": 10191.912011718749,
  "summary_fg_stdv": 1217.1639404296875,
  "tsnr": 27.926639556884766
}