{
  "aor": 0.00011954404945904173,
  "aqi": 0.03396687828438949,
  "bids_meta": {
    "AcquisitionMatrixPE": 96,
    "AcquisitionNumber": 1,
    "AcquisitionTime": "12:38:45.905000",
    "BandwidthPerPixelPhaseEncode": 17.361,
    "BaseResolution": 104,
    "BodyPartExamined": "BRAIN",
    "CoilCombinationMethod": "Sum of Squares",
    "ConsistencyInfo": "N4_VE11C_LATEST_20160120",
    "ConversionSoftware": "dcm2niix",
    "ConversionSoftwareVersion": "v1.0.20211006",
    "DerivedVendorReportedEchoSpacing": 0.000600004,
    "DeviceSerialNumber": "166009",
    "DwellTime": 2.1e-06,
    "EchoTime": 0.022,
    "EchoTrainLength": 72,
    "EffectiveEchoSpacing": 0.000600004,
    "FlipAngle": 47,
    "ImageComments": "Unaliased MB8/PE3",
    "ImageOrientationPatientDICOM": [
      0.998344,
      -0.0325795,
      -0.0474101,
      0.0163804,
      0.951047,
      -0.308611
    ],
    "ImageOrientationText": "Tra>Cor(-17.9)>Sag(-3.2)",
    "ImageType": [
      "ORIGINAL",
      "PRIMARY",
      "M",
      "MB",
      "ND",
      "NORM",
      "MOSAIC"
    ],
    "ImagingFrequency": 123.252,
    "InPlanePhaseEncodingDirectionDICOM": "COL",
    "InstitutionAddress": "East Erie 355,Chicago,IL,US,60611",
    "InstitutionName": "Research",
    "InstitutionalDepartmentName": "Department",
    "MRAcquisitionType": "2D",
    "MagneticFieldStrength": 3,
    "Manufacturer": "Siemens",
    "ManufacturersModelName": "Prisma",
    "MatrixCoilMode": "SENSE",
    "Modality": "MR",
    "MultibandAccelerationFactor": 8,
    "PartialFourier": 0.75,
    "PatientPosition": "HFS",
    "PercentPhaseFOV": 92.3077,
    "PercentSampling": 100,
    "PhaseEncodingDirection": "j",
    "PhaseEncodingSteps": 72,
    "PhaseResolution": 1,
    "PixelBandwidth": 2290,
    "ProcedureStepDescription": "Research MRI",
    "ProtocolName": "Mb8_rest_HCP_22_56_555ms_2mmiso",
    "PulseSequenceDetails": "%CustomerSeq%\\cmrr_mbep2d_bold",
    "ReceiveCoilActiveElements": "HC1-7;NC1,2",
    "ReceiveCoilName": "HeadNeck_64",
    "ReconMatrixPE": 96,
    "RepetitionTime": 0.555,
    "SAR": 0.0940161,
    "ScanOptions": "PFP\\FS\\EXT",
    "ScanningSequence": "EP",
    "SequenceName": "epfid2d1_96",
    "SequenceVariant": "SK\\SS",
    "SeriesDescription": "Mb8_rest_HCP_22_56_555ms_2mmiso",
    "SeriesNumber": 9,
    "ShimSetting": [
      5148,
      -11584,
      -2402,
      199,
      69,
      -214,
      -8,
      20
    ],
    "SliceThickness": 2,
    "SliceTiming": [
      0,
      0.065,
      0.1325,
      0.2,
      0.2675,
      0.3325,
      0.4,
      0.4675,
      0,
      0.065,
      0.1325,
      0.2,
      0.2675,
      0.3325,
      0.4,
      0.4675,
      0,
      0.065,
      0.1325,
      0.2,
      0.2675,
      0.3325,
      0.4,
      0.4675,
      0,
      0.065,
      0.1325,
      0.2,
      0.2675,
      0.3325,
      0.4,
      0.4675,
      0,
      0.065,
      0.1325,
      0.2,
      0.2675,
      0.3325,
      0.4,
      0.4675,
      0,
      0.065,
      0.1325,
      0.2,
      0.2675,
      0.3325,
      0.4,
      0.4675,
      0,
      0.065,
      0.1325,
      0.2,
      0.2675,
      0.3325,
      0.4,
      0.4675,
      0,
      0.065,
      0.1325,
      0.2,
      0.2675,
      0.3325,
      0.4,
      0.4675
    ],
    "SoftwareVersions": "syngo MR E11",
    "SpacingBetweenSlices": 2,
    "StationName": "AWP166009",
    "TaskName": "Rest",
    "TotalReadoutTime": 0.0570004,
    "TxRefAmp": 250.988,
    "WipMemBlock": "b0765702-7635-43b9-9f1a-70bb1b5ecde2||Sequence: R016 ve11c/master r/8780670; Nov 27 2017 15:05:12 by eja",
    "dataset": "ds004024",
    "modality": "bold",
    "session_id": "mri",
    "subject_id": "CON031",
    "task_id": "rest"
  },
  "dummy_trs": 4,
  "dvars_nstd": 62.7453525569527,
  "dvars_std": 1.1530322641608661,
  "dvars_vstd": 0.9814364341221976,
  "efc": 0.5927427579918274,
  "fber": 1273.8023681640625,
  "fd_mean": 0.0858543973093687,
  "fd_num": 27,
  "fd_perc": 2.0865533230293662,
  "fwhm_avg": 2.1580116666666664,
  "fwhm_x": 2.079685,
  "fwhm_y": 2.2478,
  "fwhm_z": 2.14655,
  "gcor": 0.00639587,
  "gsr_x": -0.016560416668653488,
  "gsr_y": 0.0795067623257637,
  "provenance": {
    "md5sum": "1b0096d55c68881e7772899410f2e2e6",
    "settings": {
      "fd_thres": 0.2,
      "testing": false
    },
    "software": "mriqc",
    "version": "23.0.1",
    "webapi_port": null,
    "webapi_url": "https://mriqc.nimh.nih.gov/api/v1"
  },
  "size_t": 1294,
  "size_x": 104,
  "size_y": 96,
  "size_z": 64,
  "snr": 5.8015451214748275,
  "spacing_tr": 0.5550000071525574,
  "spacing_x": 2.0,
  "spacing_y": 2.0,
  "spacing_z": 2.0,
  "summary_bg_k": 38.722556083116224,
  "summary_bg_mad": 276.35590203327536,
  "summary_bg_mean": 784.864501953125,
  "summary_bg_median": 289.3878479003906,
  "summary_bg_n": 382693.0,
  "summary_bg_p05": 79.51454315185548,
  "summary_bg_p95": 2989.0900390624956,
  "summary_bg_stdv": 1292.75390625,
  "summary_fg_k": 0.6713302659541767,
  "summary_fg_mad": 1823.3097101623596,
  "summary_fg_mean": 10494.9716796875,
  "summary_fg_median": 10413.119140625,
  "summary_fg_n": 166975.0,
  "summary_fg_p05": 7860.942041015625,
  "summary_fg_p95": 13492.641406249999,
  "summary_fg_stdv": 1794.8818359375,
  "tsnr": 24.836650848388672
}