{
  "aor": 8.882534775888719e-05,
  "aqi": 0.019288072642967544,
  "bids_meta": {
    "AcquisitionMatrixPE": 96,
    "AcquisitionNumber": 1,
    "AcquisitionTime": "10:32:48.420000",
    "BandwidthPerPixelPhaseEncode": 17.361,
    "BaseResolution": 104,
    "BodyPartExamined": "BRAIN",
    "CoilCombinationMethod": "Sum of Squares",
    "ConsistencyInfo": "N4_VE11C_LATEST_20160120",
    "ConversionSoftware": "dcm2niix",
    "ConversionSoftwareVersion": "v1.0.20211006",
    "DerivedVendorReportedEchoSpacing": 0.000600004,
    "DeviceSerialNumber": "166009",
    "DwellTime": 2.1e-06,
    "EchoTime": 0.022,
    "EchoTrainLength": 72,
    "EffectiveEchoSpacing": 0.000600004,
    "FlipAngle": 47,
    "ImageComments": "Unaliased MB8/PE3",
    "ImageOrientationPatientDICOM": [
      0.999301,
      0.0355109,
      -0.0116419,
      -0.0340233,
      0.735656,
      -0.676501
    ],
    "ImageOrientationText": "Tra>Cor(-42.6)>Sag(0.9)",
    "ImageType": [
      "ORIGINAL",
      "PRIMARY",
      "M",
      "MB",
      "ND",
      "NORM",
      "MOSAIC"
    ],
    "ImagingFrequency": 123.252,
    "InPlanePhaseEncodingDirectionDICOM": "COL",
    "InstitutionAddress": "East Erie 355,Chicago,IL,US,60611",
    "InstitutionName": "Research",
    "InstitutionalDepartmentName": "Department",
    "MRAcquisitionType": "2D",
    "MagneticFieldStrength": 3,
    "Manufacturer": "Siemens",
    "ManufacturersModelName": "Prisma",
    "MatrixCoilMode": "SENSE",
    "Modality": "MR",
    "MultibandAccelerationFactor": 8,
    "PartialFourier": 0.75,
    "PatientPosition": "HFS",
    "PercentPhaseFOV": 92.3077,
    "PercentSampling": 100,
    "PhaseEncodingDirection": "j",
    "PhaseEncodingSteps": 72,
    "PhaseResolution": 1,
    "PixelBandwidth": 2290,
    "ProcedureStepDescription": "MRI Brain W/O Contrast-70557",
    "ProtocolName": "Mb8_rest_HCP_22_56_555ms_2mmiso",
    "PulseSequenceDetails": "%CustomerSeq%\\cmrr_mbep2d_bold",
    "ReceiveCoilActiveElements": "HC1-7",
    "ReceiveCoilName": "HeadNeck_64",
    "ReconMatrixPE": 96,
    "RepetitionTime": 0.555,
    "SAR": 0.0750019,
    "ScanOptions": "PFP\\FS\\EXT",
    "ScanningSequence": "EP",
    "SequenceName": "epfid2d1_96",
    "SequenceVariant": "SK\\SS",
    "SeriesDescription": "Mb8_rest_HCP_22_56_555ms_2mmiso",
    "SeriesNumber": 7,
    "ShimSetting": [
      5158,
      -11585,
      -2373,
      500,
      -3,
      -135,
      42,
      5
    ],
    "SliceThickness": 2,
    "SliceTiming": [
      0,
      0.0675,
      0.1325,
      0.2,
      0.2675,
      0.335,
      0.4,
      0.4675,
      0,
      0.0675,
      0.1325,
      0.2,
      0.2675,
      0.335,
      0.4,
      0.4675,
      0,
      0.0675,
      0.1325,
      0.2,
      0.2675,
      0.335,
      0.4,
      0.4675,
      0,
      0.0675,
      0.1325,
      0.2,
      0.2675,
      0.335,
      0.4,
      0.4675,
      0,
      0.0675,
      0.1325,
      0.2,
      0.2675,
      0.335,
      0.4,
      0.4675,
      0,
      0.0675,
      0.1325,
      0.2,
      0.2675,
      0.335,
      0.4,
      0.4675,
      0,
      0.0675,
      0.1325,
      0.2,
      0.2675,
      0.335,
      0.4,
      0.4675,
      0,
      0.0675,
      0.1325,
      0.2,
      0.2675,
      0.335,
      0.4,
      0.4675
    ],
    "SoftwareVersions": "syngo MR E11",
    "SpacingBetweenSlices": 2,
    "StationName": "AWP166009",
    "TaskName": "Rest",
    "TotalReadoutTime": 0.0570004,
    "TxRefAmp": 239.657,
    "WipMemBlock": "f14efe79-42a7-4594-902d-26fd2f07dad6||Sequence: R016 ve11c/master r/8780670; Nov 27 2017 15:05:12 by eja",
    "dataset": "ds004024",
    "modality": "bold",
    "session_id": "mri",
    "subject_id": "CON006",
    "task_id": "rest"
  },
  "dummy_trs": 4,
  "dvars_nstd": 58.35448097062649,
  "dvars_std": 1.1908112681051817,
  "dvars_vstd": 0.9965484830626449,
  "efc": 0.54652169502194,
  "fber": 2352.371826171875,
  "fd_mean": 0.09056849363459393,
  "fd_num": 4,
  "fd_perc": 0.3091190108191654,
  "fwhm_avg": 2.2282566666666668,
  "fwhm_x": 2.202405,
  "fwhm_y": 2.181535,
  "fwhm_z": 2.30083,
  "gcor": 0.0083519,
  "gsr_x": -0.031157251447439194,
  "gsr_y": 0.04816623777151108,
  "provenance": {
    "md5sum": "c5cfe7d5e00fbe984fc080526a27f9ca",
    "settings": {
      "fd_thres": 0.2,
      "testing": false
    },
    "software": "mriqc",
    "version": "23.0.1",
    "webapi_port": null,
    "webapi_url": "https://mriqc.nimh.nih.gov/api/v1"
  },
  "size_t": 1294,
  "size_x": 104,
  "size_y": 96,
  "size_z": 64,
  "snr": 5.550078272388545,
  "spacing_tr": 0.5550000071525574,
  "spacing_x": 2.0,
  "spacing_y": 2.0,
  "spacing_z": 2.0,
  "summary_bg_k": 15.322534673564,
  "summary_bg_mad": 160.8339492011405,
  "summary_bg_mean": 610.5928955078125,
  "summary_bg_median": 188.77569580078125,
  "summary_bg_n": 414564.0,
  "summary_bg_p05": 65.26765060424805,
  "summary_bg_p95": 2481.1890014648416,
  "summary_bg_stdv": 1039.0634765625,
  "summary_fg_k": 1.11459120097134,
  "summary_fg_mad": 1595.0903182735274,
  "summary_fg_mean": 9563.9404296875,
  "summary_fg_median": 9398.369140625,
  "summary_fg_n": 136293.0,
  "summary_fg_p05": 7195.35,
  "summary_fg_p95": 12615.026757812497,
  "summary_fg_stdv": 1693.3697509765625,
  "tsnr": 30.755481719970703
}