{
  "aor": 9.639876352395673e-05,
  "aqi": 0.02693268894899536,
  "bids_meta": {
    "AcquisitionMatrixPE": 96,
    "AcquisitionNumber": 1,
    "AcquisitionTime": "12:38:45.905000",
    "BandwidthPerPixelPhaseEncode": 17.361,
    "BaseResolution": 104,
    "BodyPartExamined": "BRAIN",
    "CoilCombinationMethod": "Sum of Squares",
    "ConsistencyInfo": "N4_VE11C_LATEST_20160120",
    "ConversionSoftware": "dcm2niix",
    "ConversionSoftwareVersion": "v1.0.20211006",
    "DerivedVendorReportedEchoSpacing": 0.000600004,
    "DeviceSerialNumber": "100000",
    "DwellTime": 2.1e-06,
    "EchoTime": 0.022,
    "EchoTrainLength": 72,
    "EffectiveEchoSpacing": 0.000600004,
    "FlipAngle": 47,
    "ImageComments": "Unaliased MB8/PE3",
    "ImageOrientationPatientDICOM": [
      0.998344,
      -0.0325795,
      -0.0474101,
      0.0163804,
      0.951047,
      -0.308611
    ],
    "ImageOrientationText": "Tra>Cor(-17.9)>Sag(-3.2)",
    "ImageType": [
      "ORIGINAL",
      "PRIMARY",
      "M",
      "MB",
      "ND",
      "NORM",
      "MOSAIC"
    ],
    "ImagingFrequency": 123.252,
    "InPlanePhaseEncodingDirectionDICOM": "COL",
    "InstitutionAddress": "Chicago,IL,US,60611",
    "InstitutionName": "Research",
    "InstitutionalDepartmentName": "Department",
    "MRAcquisitionType": "2D",
    "MagneticFieldStrength": 3,
    "Manufacturer": "Siemens",
    "ManufacturersModelName": "Prisma",
    "MatrixCoilMode": "SENSE",
    "Modality": "MR",
    "MultibandAccelerationFactor": 8,
    "PartialFourier": 0.75,
    "PatientPosition": "HFS",
    "PercentPhaseFOV": 92.3077,
    "PercentSampling": 100,
    "PhaseEncodingDirection": "j",
    "PhaseEncodingSteps": 72,
    "PhaseResolution": 1,
    "PixelBandwidth": 2290,
    "ProcedureStepDescription": "Research MRI",
    "ProtocolName": "Mb8_rest_HCP_22_56_555ms_2mmiso",
    "PulseSequenceDetails": "%CustomerSeq%\\cmrr_mbep2d_bold",
    "ReceiveCoilActiveElements": "HC1-7;NC1,2",
    "ReceiveCoilName": "HeadNeck_64",
    "ReconMatrixPE": 96,
    "RepetitionTime": 0.555,
    "SAR": 0.0940161,
    "ScanOptions": "PFP\\FS\\EXT",
    "ScanningSequence": "EP",
    "SequenceName": "epfid2d1_96",
    "SequenceVariant": "SK\\SS",
    "SeriesDescription": "Mb8_rest_HCP_22_56_555ms_2mmiso",
    "SeriesNumber": 9,
    "ShimSetting": [
      5148,
      -11584,
      -2402,
      199,
      69,
      -214,
      -8,
      20
    ],
    "SliceThickness": 2,
    "SliceTiming": [
      0,
      0.065,
      0.1325,
      0.2,
      0.2675,
      0.3325,
      0.4,
      0.4675,
      0,
      0.065,
      0.1325,
      0.2,
      0.2675,
      0.3325,
      0.4,
      0.4675,
      0,
      0.065,
      0.1325,
      0.2,
      0.2675,
      0.3325,
      0.4,
      0.4675,
      0,
      0.065,
      0.1325,
      0.2,
      0.2675,
      0.3325,
      0.4,
      0.4675,
      0,
      0.065,
      0.1325,
      0.2,
      0.2675,
      0.3325,
      0.4,
      0.4675,
      0,
      0.065,
      0.1325,
      0.2,
      0.2675,
      0.3325,
      0.4,
      0.4675,
      0,
      0.065,
      0.1325,
      0.2,
      0.2675,
      0.3325,
      0.4,
      0.4675,
      0,
      0.065,
      0.1325,
      0.2,
      0.2675,
      0.3325,
      0.4,
      0.4675
    ],
    "SoftwareVersions": "syngo MR E11",
    "SpacingBetweenSlices": 2,
    "StationName": "AWP100000",
    "TaskName": "Rest",
    "TotalReadoutTime": 0.0570004,
    "TxRefAmp": 250.988,
    "WipMemBlock": "b0765702-7635-43b9-9f1a-70bb1b5ecde2||Sequence: R016 ve11c/master r/8780670; Nov 27 2017 15:05:12 by eja",
    "dataset": "ds004024",
    "modality": "bold",
    "session_id": "mri",
    "subject_id": "CON001",
    "task_id": "rest"
  },
  "dummy_trs": 4,
  "dvars_nstd": 61.65969494894815,
  "dvars_std": 1.1075084374091273,
  "dvars_vstd": 1.002235706612528,
  "efc": 0.5760651274058876,
  "fber": 1118.5048828125,
  "fd_mean": 0.08718170734662983,
  "fd_num": 1,
  "fd_perc": 0.07727975270479134,
  "fwhm_avg": 2.068661666666667,
  "fwhm_x": 2.028145,
  "fwhm_y": 2.10336,
  "fwhm_z": 2.07448,
  "gcor": 0.00190725,
  "gsr_x": -0.010526178404688835,
  "gsr_y": 0.044070739299058914,
  "provenance": {
    "md5sum": "dab4ef4c86dab562867653a907df3e4c",
    "settings": {
      "fd_thres": 0.2,
      "testing": false
    },
    "software": "mriqc",
    "version": "23.0.1",
    "webapi_port": null,
    "webapi_url": "https://mriqc.nimh.nih.gov/api/v1"
  },
  "size_t": 1294,
  "size_x": 104,
  "size_y": 96,
  "size_z": 64,
  "snr": 6.35766660944981,
  "spacing_tr": 0.5550000071525574,
  "spacing_x": 2.0,
  "spacing_y": 2.0,
  "spacing_z": 2.0,
  "summary_bg_k": 10.264579075955032,
  "summary_bg_mad": 268.6512049711382,
  "summary_bg_mean": 808.7474365234375,
  "summary_bg_median": 282.71484375,
  "summary_bg_n": 408185.0,
  "summary_bg_p05": 83.74806213378906,
  "summary_bg_p95": 3676.060058593746,
  "summary_bg_stdv": 1283.9788818359375,
  "summary_fg_k": 1.5783347909332104,
  "summary_fg_mad": 1406.5334314371783,
  "summary_fg_mean": 9766.8154296875,
  "summary_fg_median": 9640.6826171875,
  "summary_fg_n": 141759.0,
  "summary_fg_p05": 7651.52626953125,
  "summary_fg_p95": 12408.00986328125,
  "summary_fg_stdv": 1516.381591796875,
  "tsnr": 26.67839536163956
}