{
  "aor": 0.00012664092664092664,
  "aqi": 0.023741774594594596,
  "bids_meta": {
    "AcquisitionMatrixPE": 96,
    "AcquisitionNumber": 1,
    "AcquisitionTime": "10:53:50.835000",
    "BandwidthPerPixelPhaseEncode": 17.361,
    "BaseResolution": 104,
    "BodyPartExamined": "BRAIN",
    "CoilCombinationMethod": "Sum of Squares",
    "ConsistencyInfo": "N4_VE11C_LATEST_20160120",
    "ConversionSoftware": "dcm2niix",
    "ConversionSoftwareVersion": "v1.0.20211006",
    "DerivedVendorReportedEchoSpacing": 0.000600004,
    "DeviceSerialNumber": "166009",
    "DwellTime": 2.1e-06,
    "EchoTime": 0.022,
    "EchoTrainLength": 72,
    "EffectiveEchoSpacing": 0.000600004,
    "FlipAngle": 47,
    "ImageComments": "Unaliased MB8/PE3",
    "ImageOrientationPatientDICOM": [
      0.999757,
      -0.022054,
      -0.000171789,
      0.021291,
      0.96714,
      -0.253352
    ],
    "ImageOrientationText": "Tra>Cor(-14.7)>Sag(-0.3)",
    "ImageType": [
      "ORIGINAL",
      "PRIMARY",
      "M",
      "MB",
      "ND",
      "NORM",
      "MOSAIC"
    ],
    "ImagingFrequency": 123.252,
    "InPlanePhaseEncodingDirectionDICOM": "COL",
    "InstitutionAddress": "East Erie 355,Chicago,IL,US,60611",
    "InstitutionName": "Research",
    "InstitutionalDepartmentName": "Department",
    "MRAcquisitionType": "2D",
    "MagneticFieldStrength": 3,
    "Manufacturer": "Siemens",
    "ManufacturersModelName": "Prisma",
    "MatrixCoilMode": "SENSE",
    "Modality": "MR",
    "MultibandAccelerationFactor": 8,
    "PartialFourier": 0.75,
    "PatientPosition": "HFS",
    "PercentPhaseFOV": 92.3077,
    "PercentSampling": 100,
    "PhaseEncodingDirection": "j",
    "PhaseEncodingSteps": 72,
    "PhaseResolution": 1,
    "PixelBandwidth": 2290,
    "ProcedureStepDescription": "Research MRI",
    "ProtocolName": "Mb8_rest_HCP_22_56_555ms_2mmiso",
    "PulseSequenceDetails": "%CustomerSeq%\\cmrr_mbep2d_bold",
    "ReceiveCoilActiveElements": "HC1-7;NC1,2",
    "ReceiveCoilName": "HeadNeck_64",
    "ReconMatrixPE": 96,
    "RepetitionTime": 0.555,
    "SAR": 0.108719,
    "ScanOptions": "PFP\\FS\\EXT",
    "ScanningSequence": "EP",
    "SequenceName": "epfid2d1_96",
    "SequenceVariant": "SK\\SS",
    "SeriesDescription": "Mb8_rest_HCP_22_56_555ms_2mmiso",
    "SeriesNumber": 17,
    "ShimSetting": [
      5166,
      -11514,
      -2387,
      269,
      60,
      -74,
      -100,
      48
    ],
    "SliceThickness": 2,
    "SliceTiming": [
      0,
      0.0675,
      0.135,
      0.2025,
      0.2675,
      0.335,
      0.4025,
      0.47,
      0,
      0.0675,
      0.135,
      0.2025,
      0.2675,
      0.335,
      0.4025,
      0.47,
      0,
      0.0675,
      0.135,
      0.2025,
      0.2675,
      0.335,
      0.4025,
      0.47,
      0,
      0.0675,
      0.135,
      0.2025,
      0.2675,
      0.335,
      0.4025,
      0.47,
      0,
      0.0675,
      0.135,
      0.2025,
      0.2675,
      0.335,
      0.4025,
      0.47,
      0,
      0.0675,
      0.135,
      0.2025,
      0.2675,
      0.335,
      0.4025,
      0.47,
      0,
      0.0675,
      0.135,
      0.2025,
      0.2675,
      0.335,
      0.4025,
      0.47,
      0,
      0.0675,
      0.135,
      0.2025,
      0.2675,
      0.335,
      0.4025,
      0.47
    ],
    "SoftwareVersions": "syngo MR E11",
    "SpacingBetweenSlices": 2,
    "StationName": "AWP166009",
    "TaskName": "Rest",
    "TotalReadoutTime": 0.0570004,
    "TxRefAmp": 267.178,
    "WipMemBlock": "f948b251-255e-4bdf-a1ae-616a8e0a3acc||Sequence: R016 ve11c/master r/8780670; Nov 27 2017 15:05:12 by eja",
    "dataset": "ds004024",
    "modality": "bold",
    "session_id": "mri",
    "subject_id": "CON025",
    "task_id": "rest"
  },
  "dummy_trs": 3,
  "dvars_nstd": 59.62162783422729,
  "dvars_std": 1.16477727167697,
  "dvars_vstd": 0.9984470737712527,
  "efc": 0.5717286226710012,
  "fber": 1480.408203125,
  "fd_mean": 0.06973459103347253,
  "fd_num": 8,
  "fd_perc": 0.6177606177606177,
  "fwhm_avg": 2.4843916666666668,
  "fwhm_x": 2.1917,
  "fwhm_y": 2.721765,
  "fwhm_z": 2.53971,
  "gcor": 0.00895494,
  "gsr_x": -0.009167742915451527,
  "gsr_y": 0.06886935234069824,
  "provenance": {
    "md5sum": "99c0e770702f5b292238651a3590a6bb",
    "settings": {
      "fd_thres": 0.2,
      "testing": false
    },
    "software": "mriqc",
    "version": "23.0.1",
    "webapi_port": null,
    "webapi_url": "https://mriqc.nimh.nih.gov/api/v1"
  },
  "size_t": 1295,
  "size_x": 104,
  "size_y": 96,
  "size_z": 64,
  "snr": 4.902496961585444,
  "spacing_tr": 0.5550000071525574,
  "spacing_x": 2.0,
  "spacing_y": 2.0,
  "spacing_z": 2.0,
  "summary_bg_k": 18.927477174857927,
  "summary_bg_mad": 211.74225088484243,
  "summary_bg_mean": 701.5770874023438,
  "summary_bg_median": 230.87149047851562,
  "summary_bg_n": 400459.0,
  "summary_bg_p05": 65.04217224121093,
  "summary_bg_p95": 3051.1966796874945,
  "summary_bg_stdv": 1171.708251953125,
  "summary_fg_k": 3.645723130292577,
  "summary_fg_mad": 1502.4971765959199,
  "summary_fg_mean": 9047.671875,
  "summary_fg_median": 9083.013671875,
  "summary_fg_n": 146883.0,
  "summary_fg_p05": 6213.518701171875,
  "summary_fg_p95": 11796.2427734375,
  "summary_fg_stdv": 1852.725830078125,
  "tsnr": 28.113039016723633
}