{
  "aor": 0.00019220077220077222,
  "aqi": 0.03135955722007722,
  "bids_meta": {
    "AcquisitionMatrixPE": 96,
    "AcquisitionNumber": 1,
    "AcquisitionTime": "12:22:9.860000",
    "BandwidthPerPixelPhaseEncode": 17.361,
    "BaseResolution": 104,
    "BodyPartExamined": "BRAIN",
    "CoilCombinationMethod": "Sum of Squares",
    "ConsistencyInfo": "N4_VE11C_LATEST_20160120",
    "ConversionSoftware": "dcm2niix",
    "ConversionSoftwareVersion": "v1.0.20211006",
    "DerivedVendorReportedEchoSpacing": 0.000600004,
    "DeviceSerialNumber": "166009",
    "DwellTime": 2.1e-06,
    "EchoTime": 0.022,
    "EchoTrainLength": 72,
    "EffectiveEchoSpacing": 0.000600004,
    "FlipAngle": 47,
    "ImageComments": "Unaliased MB8/PE3",
    "ImageOrientationPatientDICOM": [
      0.997565,
      0.0693413,
      -0.00746607,
      -0.0655587,
      0.89582,
      -0.439555
    ],
    "ImageOrientationText": "Tra>Cor(-26.0)>Sag(1.4)",
    "ImageType": [
      "ORIGINAL",
      "PRIMARY",
      "M",
      "MB",
      "ND",
      "NORM",
      "MOSAIC"
    ],
    "ImagingFrequency": 123.252,
    "InPlanePhaseEncodingDirectionDICOM": "COL",
    "InstitutionAddress": "East Erie 355,Chicago,IL,US,60611",
    "InstitutionName": "Research",
    "InstitutionalDepartmentName": "Department",
    "MRAcquisitionType": "2D",
    "MagneticFieldStrength": 3,
    "Manufacturer": "Siemens",
    "ManufacturersModelName": "Prisma",
    "MatrixCoilMode": "SENSE",
    "Modality": "MR",
    "MultibandAccelerationFactor": 8,
    "PartialFourier": 0.75,
    "PatientPosition": "HFS",
    "PercentPhaseFOV": 92.3077,
    "PercentSampling": 100,
    "PhaseEncodingDirection": "j",
    "PhaseEncodingSteps": 72,
    "PhaseResolution": 1,
    "PixelBandwidth": 2290,
    "ProcedureStepDescription": "Research MRI",
    "ProtocolName": "Mb8_rest_HCP_22_56_555ms_2mmiso",
    "PulseSequenceDetails": "%CustomerSeq%\\cmrr_mbep2d_bold",
    "ReceiveCoilActiveElements": "HC1-7;NC1",
    "ReceiveCoilName": "HeadNeck_64",
    "ReconMatrixPE": 96,
    "RepetitionTime": 0.555,
    "SAR": 0.0683009,
    "ScanOptions": "PFP\\FS\\EXT",
    "ScanningSequence": "EP",
    "SequenceName": "epfid2d1_96",
    "SequenceVariant": "SK\\SS",
    "SeriesDescription": "Mb8_rest_HCP_22_56_555ms_2mmiso",
    "SeriesNumber": 7,
    "ShimSetting": [
      5161,
      -11566,
      -2359,
      498,
      -6,
      109,
      79,
      -66
    ],
    "SliceThickness": 2,
    "SliceTiming": [
      0,
      0.0675,
      0.1325,
      0.2,
      0.2675,
      0.335,
      0.4,
      0.4675,
      0,
      0.0675,
      0.1325,
      0.2,
      0.2675,
      0.335,
      0.4,
      0.4675,
      0,
      0.0675,
      0.1325,
      0.2,
      0.2675,
      0.335,
      0.4,
      0.4675,
      0,
      0.0675,
      0.1325,
      0.2,
      0.2675,
      0.335,
      0.4,
      0.4675,
      0,
      0.0675,
      0.1325,
      0.2,
      0.2675,
      0.335,
      0.4,
      0.4675,
      0,
      0.0675,
      0.1325,
      0.2,
      0.2675,
      0.335,
      0.4,
      0.4675,
      0,
      0.0675,
      0.1325,
      0.2,
      0.2675,
      0.335,
      0.4,
      0.4675,
      0,
      0.0675,
      0.1325,
      0.2,
      0.2675,
      0.335,
      0.4,
      0.4675
    ],
    "SoftwareVersions": "syngo MR E11",
    "SpacingBetweenSlices": 2,
    "StationName": "AWP166009",
    "TaskName": "Rest",
    "TotalReadoutTime": 0.0570004,
    "TxRefAmp": 217.596,
    "WipMemBlock": "49623c8f-05f1-4e8c-99de-a7ca5f86c63b||Sequence: R016 ve11c/master r/8780670; Nov 27 2017 15:05:12 by eja",
    "dataset": "ds004024",
    "modality": "bold",
    "session_id": "mri",
    "subject_id": "CON020",
    "task_id": "rest"
  },
  "dummy_trs": 3,
  "dvars_nstd": 59.39694479191653,
  "dvars_std": 1.1330517728361666,
  "dvars_vstd": 0.9983872810046368,
  "efc": 0.5291096917532356,
  "fber": 2770.56201171875,
  "fd_mean": 0.07537697454977352,
  "fd_num": 3,
  "fd_perc": 0.23166023166023167,
  "fwhm_avg": 2.0869683745307746,
  "fwhm_x": 2.034795,
  "fwhm_y": 2.152575,
  "fwhm_z": 2.0735351235923245,
  "gcor": 0.00599636,
  "gsr_x": -0.022835901007056236,
  "gsr_y": 0.045343946665525436,
  "provenance": {
    "md5sum": "f2dbed9033ed66406d3a427f9867e232",
    "settings": {
      "fd_thres": 0.2,
      "testing": false
    },
    "software": "mriqc",
    "version": "23.0.1",
    "webapi_port": null,
    "webapi_url": "https://mriqc.nimh.nih.gov/api/v1"
  },
  "size_t": 1295,
  "size_x": 104,
  "size_y": 96,
  "size_z": 64,
  "snr": 6.230751000682696,
  "spacing_tr": 0.5550000071525574,
  "spacing_x": 2.0,
  "spacing_y": 2.0,
  "spacing_z": 1.9999998807907104,
  "summary_bg_k": 25.180810991439373,
  "summary_bg_mad": 104.71550628384796,
  "summary_bg_mean": 447.4930725097656,
  "summary_bg_median": 144.00550842285156,
  "summary_bg_n": 424462.0,
  "summary_bg_p05": 62.36559810638428,
  "summary_bg_p95": 1867.82029418945,
  "summary_bg_stdv": 798.2687377929688,
  "summary_fg_k": 1.6617781846492772,
  "summary_fg_mad": 1120.224700086761,
  "summary_fg_mean": 7771.0361328125,
  "summary_fg_median": 7652.42236328125,
  "summary_fg_n": 129547.0,
  "summary_fg_p05": 6105.809326171875,
  "summary_fg_p95": 9939.4341796875,
  "summary_fg_stdv": 1228.1654052734375,
  "tsnr": 27.477994918823242
}