{
  "aor": 0.00019297527047913447,
  "aqi": 0.04271896066460588,
  "bids_meta": {
    "AcquisitionMatrixPE": 96,
    "AcquisitionNumber": 1,
    "AcquisitionTime": "17:16:11.795000",
    "BandwidthPerPixelPhaseEncode": 17.361,
    "BaseResolution": 104,
    "BodyPartExamined": "BRAIN",
    "CoilCombinationMethod": "Sum of Squares",
    "ConsistencyInfo": "N4_VE11C_LATEST_20160120",
    "ConversionSoftware": "dcm2niix",
    "ConversionSoftwareVersion": "v1.0.20211006",
    "DerivedVendorReportedEchoSpacing": 0.000600004,
    "DeviceSerialNumber": "166009",
    "DwellTime": 2.1e-06,
    "EchoTime": 0.022,
    "EchoTrainLength": 72,
    "EffectiveEchoSpacing": 0.000600004,
    "FlipAngle": 47,
    "ImageComments": "Unaliased MB8/PE3",
    "ImageOrientationPatientDICOM": [
      0.999452,
      0.0331063,
      -0.000632618,
      -0.0300122,
      0.89764,
      -0.439707
    ],
    "ImageOrientationText": "Tra>Cor(-26.1)>Sag(0.8)",
    "ImageType": [
      "ORIGINAL",
      "PRIMARY",
      "M",
      "MB",
      "ND",
      "NORM",
      "MOSAIC"
    ],
    "ImagingFrequency": 123.252,
    "InPlanePhaseEncodingDirectionDICOM": "COL",
    "InstitutionAddress": "East Erie 355,Chicago,IL,US,60611",
    "InstitutionName": "Research",
    "InstitutionalDepartmentName": "Department",
    "MRAcquisitionType": "2D",
    "MagneticFieldStrength": 3,
    "Manufacturer": "Siemens",
    "ManufacturersModelName": "Prisma",
    "MatrixCoilMode": "SENSE",
    "Modality": "MR",
    "MultibandAccelerationFactor": 8,
    "PartialFourier": 0.75,
    "PatientPosition": "HFS",
    "PercentPhaseFOV": 92.3077,
    "PercentSampling": 100,
    "PhaseEncodingDirection": "j",
    "PhaseEncodingSteps": 72,
    "PhaseResolution": 1,
    "PixelBandwidth": 2290,
    "ProcedureStepDescription": "Research MRI",
    "ProtocolName": "Mb8_rest_HCP_22_56_555ms_2mmiso",
    "PulseSequenceDetails": "%CustomerSeq%\\cmrr_mbep2d_bold",
    "ReceiveCoilActiveElements": "HC1-7;NC1",
    "ReceiveCoilName": "HeadNeck_64",
    "ReconMatrixPE": 96,
    "RepetitionTime": 0.555,
    "SAR": 0.0893418,
    "ScanOptions": "PFP\\FS\\EXT",
    "ScanningSequence": "EP",
    "SequenceName": "epfid2d1_96",
    "SequenceVariant": "SK\\SS",
    "SeriesDescription": "Mb8_rest_HCP_22_56_555ms_2mmiso",
    "SeriesNumber": 7,
    "ShimSetting": [
      5152,
      -11576,
      -2424,
      487,
      -37,
      1,
      -61,
      1
    ],
    "SliceThickness": 2,
    "SliceTiming": [
      0,
      0.0675,
      0.135,
      0.2,
      0.2675,
      0.335,
      0.4025,
      0.4675,
      0,
      0.0675,
      0.135,
      0.2,
      0.2675,
      0.335,
      0.4025,
      0.4675,
      0,
      0.0675,
      0.135,
      0.2,
      0.2675,
      0.335,
      0.4025,
      0.4675,
      0,
      0.0675,
      0.135,
      0.2,
      0.2675,
      0.335,
      0.4025,
      0.4675,
      0,
      0.0675,
      0.135,
      0.2,
      0.2675,
      0.335,
      0.4025,
      0.4675,
      0,
      0.0675,
      0.135,
      0.2,
      0.2675,
      0.335,
      0.4025,
      0.4675,
      0,
      0.0675,
      0.135,
      0.2,
      0.2675,
      0.335,
      0.4025,
      0.4675,
      0,
      0.0675,
      0.135,
      0.2,
      0.2675,
      0.335,
      0.4025,
      0.4675
    ],
    "SoftwareVersions": "syngo MR E11",
    "SpacingBetweenSlices": 2,
    "StationName": "AWP166009",
    "TaskName": "Rest",
    "TotalReadoutTime": 0.0570004,
    "TxRefAmp": 218.406,
    "WipMemBlock": "a31a612f-3d31-4d94-95ae-2bfb307f6317||Sequence: R016 ve11c/master r/8780670; Nov 27 2017 15:05:12 by eja",
    "dataset": "ds004024",
    "modality": "bold",
    "session_id": "mri",
    "subject_id": "CON019",
    "task_id": "rest"
  },
  "dummy_trs": 4,
  "dvars_nstd": 54.7574633475406,
  "dvars_std": 1.0698580828615623,
  "dvars_vstd": 0.9898026264269137,
  "efc": 0.542482713810013,
  "fber": 2100.8427734375,
  "fd_mean": 0.13061125670682003,
  "fd_num": 180,
  "fd_perc": 13.910355486862443,
  "fwhm_avg": 2.17358,
  "fwhm_x": 2.057605,
  "fwhm_y": 2.22987,
  "fwhm_z": 2.233265,
  "gcor": 0.00359076,
  "gsr_x": -0.007176295854151249,
  "gsr_y": 0.03725934773683548,
  "provenance": {
    "md5sum": "82e0470aea5d1682e01de951390e7814",
    "settings": {
      "fd_thres": 0.2,
      "testing": false
    },
    "software": "mriqc",
    "version": "23.0.1",
    "webapi_port": null,
    "webapi_url": "https://mriqc.nimh.nih.gov/api/v1"
  },
  "size_t": 1294,
  "size_x": 104,
  "size_y": 96,
  "size_z": 64,
  "snr": 6.269313531949124,
  "spacing_tr": 0.5550000071525574,
  "spacing_x": 2.0,
  "spacing_y": 2.0,
  "spacing_z": 2.0,
  "summary_bg_k": 58.70379510791562,
  "summary_bg_mad": 136.75168501295497,
  "summary_bg_mean": 456.87371826171875,
  "summary_bg_median": 175.60520935058594,
  "summary_bg_n": 409313.0,
  "summary_bg_p05": 68.66922912597657,
  "summary_bg_p95": 1687.7493896484361,
  "summary_bg_stdv": 817.1746826171875,
  "summary_fg_k": 2.9953095895087305,
  "summary_fg_mad": 1191.409876527236,
  "summary_fg_mean": 8181.57666015625,
  "summary_fg_median": 8128.978515625,
  "summary_fg_n": 139712.0,
  "summary_fg_p05": 6413.760913085937,
  "summary_fg_p95": 10305.834863281247,
  "summary_fg_stdv": 1296.6251220703125,
  "tsnr": 23.640762329101562
}